GEM
  remote: https://rubygems.org/
  specs:
    apexcharts (0.2.0)
    ast (2.4.2)
    better_errors (2.9.1)
      coderay (>= 1.0.0)
      erubi (>= 1.0.0)
      rack (>= 0.9.0)
    binding_of_caller (1.0.0)
      debug_inspector (>= 0.0.1)
    coderay (1.1.3)
    concurrent-ruby (1.1.10)
    daemons (1.4.1)
    debug_inspector (1.1.0)
    diff-lcs (1.5.0)
    erubi (1.11.0)
    eventmachine (1.2.7)
    faker (2.23.0)
      i18n (>= 1.8.11, < 2)
    i18n (1.12.0)
      concurrent-ruby (~> 1.0)
    json (2.6.2)
    method_source (1.0.0)
    minitest (5.16.3)
    multi_json (1.15.0)
    mustermann (3.0.0)
      ruby2_keywords (~> 0.0.1)
    parallel (1.22.1)
    parser (3.1.2.1)
      ast (~> 2.4.1)
    pry (0.14.1)
      coderay (~> 1.1)
      method_source (~> 1.0)
    rack (2.2.4)
    rack-protection (3.0.2)
      rack
    rainbow (3.1.1)
    rake (13.0.6)
    regexp_parser (2.6.0)
    rexml (3.2.5)
    rspec (3.12.0)
      rspec-core (~> 3.12.0)
      rspec-expectations (~> 3.12.0)
      rspec-mocks (~> 3.12.0)
    rspec-core (3.12.0)
      rspec-support (~> 3.12.0)
    rspec-expectations (3.12.0)
      diff-lcs (>= 1.2.0, < 2.0)
      rspec-support (~> 3.12.0)
    rspec-mocks (3.12.0)
      diff-lcs (>= 1.2.0, < 2.0)
      rspec-support (~> 3.12.0)
    rspec-support (3.12.0)
    rubocop (1.38.0)
      json (~> 2.3)
      parallel (~> 1.10)
      parser (>= 3.1.2.1)
      rainbow (>= 2.2.2, < 4.0)
      regexp_parser (>= 1.8, < 3.0)
      rexml (>= 3.2.5, < 4.0)
      rubocop-ast (>= 1.23.0, < 2.0)
      ruby-progressbar (~> 1.7)
      unicode-display_width (>= 1.4.0, < 3.0)
    rubocop-ast (1.23.0)
      parser (>= 3.1.1.0)
    rubocop-performance (1.15.0)
      rubocop (>= 1.7.0, < 2.0)
      rubocop-ast (>= 0.4.0)
    ruby-progressbar (1.11.0)
    ruby2_keywords (0.0.5)
    sinatra (3.0.2)
      mustermann (~> 3.0)
      rack (~> 2.2, >= 2.2.4)
      rack-protection (= 3.0.2)
      tilt (~> 2.0)
    sinatra-contrib (3.0.2)
      multi_json
      mustermann (~> 3.0)
      rack-protection (= 3.0.2)
      sinatra (= 3.0.2)
      tilt (~> 2.0)
    standard (1.17.0)
      rubocop (= 1.38.0)
      rubocop-performance (= 1.15.0)
    thin (1.8.1)
      daemons (~> 1.0, >= 1.0.9)
      eventmachine (~> 1.0, >= 1.0.4)
      rack (>= 1, < 3)
    tilt (2.0.11)
    unicode-display_width (2.3.0)

PLATFORMS
  aarch64-linux
  arm64-darwin-21
  x86_64-linux

DEPENDENCIES
  apexcharts (~> 0.2)
  better_errors (~> 2.9, >= 2.9.1)
  binding_of_caller (~> 1.0)
  faker (~> 2.23)
  minitest (~> 5.8, >= 5.8.4)
  pry (~> 0.14.1)
  rake (~> 13.0, >= 13.0.6)
  rspec (~> 3.12)
  sinatra (~> 3.0)
  sinatra-contrib (~> 3.0)
  standard (~> 1.17)
  thin (~> 1.8, >= 1.8.1)

BUNDLED WITH
   2.3.21
