GEM
  remote: https://rubygems.org/
  specs:
    apexcharts (0.2.0)

PLATFORMS
  arm64-darwin-21

DEPENDENCIES
  apexcharts (~> 0.2)

BUNDLED WITH
   2.2.3
